GIT
  remote: https://github.com/appium/ruby_lib.git
  revision: 4512dc0c41f2a4b21743cbbbedbeb03ec16433e2
  branch: se-v4
  specs:
    appium_lib (11.2.0)
      appium_lib_core (= 5.0.0.beta3)
      nokogiri (~> 1.8, >= 1.8.1)
      tomlrb (>= 1.1, < 3.0)

GEM
  remote: https://rubygems.org/
  specs:
    appium_lib_core (5.0.0.beta3)
      faye-websocket (~> 0.11.0)
      selenium-webdriver (= 4.0.0.beta3)
    childprocess (4.1.0)
    diff-lcs (1.4.4)
    eventmachine (1.2.7)
    faye-websocket (0.11.1)
      eventmachine (>= 0.12.0)
      websocket-driver (>= 0.5.1)
    nokogiri (1.12.4-x86_64-darwin)
      racc (~> 1.4)
    parallel (1.20.1)
    parallel_split_test (0.10.0)
      parallel (>= 0.5.13)
      rspec-core (>= 3.9.0)
    racc (1.5.2)
    rake (13.0.6)
    rexml (3.2.5)
    rspec (3.10.0)
      rspec-core (~> 3.10.0)
      rspec-expectations (~> 3.10.0)
      rspec-mocks (~> 3.10.0)
    rspec-core (3.10.1)
      rspec-support (~> 3.10.0)
    rspec-expectations (3.10.1)
      diff-lcs (>= 1.2.0, < 2.0)
      rspec-support (~> 3.10.0)
    rspec-mocks (3.10.2)
      diff-lcs (>= 1.2.0, < 2.0)
      rspec-support (~> 3.10.0)
    rspec-support (3.10.2)
    rubyzip (2.3.2)
    selenium-webdriver (4.0.0.beta3)
      childprocess (>= 0.5, < 5.0)
      rexml (~> 3.2)
      rubyzip (>= 1.2.2)
      websocket (~> 1.0)
    tomlrb (2.0.1)
    websocket (1.2.9)
    websocket-driver (0.7.5)
      websocket-extensions (>= 0.1.0)
    websocket-extensions (0.1.5)

PLATFORMS
  x86_64-darwin-19
  x86_64-darwin-20

DEPENDENCIES
  appium_lib!
  parallel_split_test
  rake (~> 13.0)
  rspec (~> 3.0)
  selenium-webdriver (= 4.0.0.beta3)

BUNDLED WITH
   2.2.9
